GEM
  remote: https://rubygems.org/
  specs:
    docopt (0.6.0)
    terminal-table (1.8.0)
      unicode-display_width (~> 1.1, >= 1.1.1)
    unicode-display_width (1.3.0)

PLATFORMS
  ruby

DEPENDENCIES
  docopt
  terminal-table

BUNDLED WITH
   1.15.0
